GEM
  remote: http://rubygems.org/
  specs:
    CFPropertyList (2.2.0)
    actionmailer (4.0.0)
      actionpack (= 4.0.0)
      mail (~> 2.5.3)
    actionpack (4.0.0)
      activesupport (= 4.0.0)
      builder (~> 3.1.0)
      erubis (~> 2.7.0)
      rack (~> 1.5.2)
      rack-test (~> 0.6.2)
    activesupport (4.0.0)
      i18n (~> 0.6, >= 0.6.4)
      minitest (~> 4.2)
      multi_json (~> 1.3)
      thread_safe (~> 0.1)
      tzinfo (~> 0.3.37)
    atomic (1.1.10)
    builder (3.1.4)
    curb (0.8.4)
    erubis (2.7.0)
    hike (1.2.3)
    i18n (0.6.4)
    json (1.8.0)
    mail (2.5.4)
      mime-types (~> 1.16)
      treetop (~> 1.4.8)
    mime-types (1.23)
    minitest (4.7.5)
    msgpack (0.5.5)
    multi_json (1.7.7)
    pg (0.15.1)
    polyglot (0.3.3)
    rack (1.5.2)
    rack-test (0.6.2)
      rack (>= 1.0)
    sprockets (2.10.0)
      hike (~> 1.2)
      multi_json (~> 1.0)
      rack (~> 1.0)
      tilt (~> 1.1, != 1.3.0)
    sqlite3 (1.3.7)
    thread_safe (0.1.0)
      atomic
    tilt (1.4.1)
    treetop (1.4.14)
      polyglot
      polyglot (>= 0.3.1)
    tzinfo (0.3.37)

PLATFORMS
  ruby

DEPENDENCIES
  CFPropertyList (= 2.2.0)
  actionmailer (= 4.0.0)
  curb (= 0.8.4)
  json (= 1.8.0)
  msgpack (= 0.5.5)
  pg (= 0.15.1)
  sprockets (= 2.10.0)
  sqlite3 (= 1.3.7)
