GEM
  remote: http://rubygems.org/
  specs:
    CFPropertyList (2.2.1)
    actionmailer (2.3.18)
      actionpack (= 2.3.18)
    actionpack (2.3.18)
      activesupport (= 2.3.18)
      rack (~> 1.1.0)
    activerecord (2.3.18)
      activesupport (= 2.3.18)
    activeresource (2.3.18)
      activesupport (= 2.3.18)
    activesupport (2.3.18)
    daemons (1.1.9)
    eventmachine (1.0.3)
    http_accept_language (1.0.2)
    json (1.8.0)
    nokogiri (1.5.11)
    pg (0.15.1)
    rack (1.1.6)
    rails (2.3.18)
      actionmailer (= 2.3.18)
      actionpack (= 2.3.18)
      activerecord (= 2.3.18)
      activeresource (= 2.3.18)
      activesupport (= 2.3.18)
      rake (>= 0.8.3)
    rake (10.1.0)
    thin (1.5.1)
      daemons (>= 1.0.9)
      eventmachine (>= 0.12.6)
      rack (>= 1.0.0)

PLATFORMS
  ruby

DEPENDENCIES
  CFPropertyList
  bundler (~> 1.3.0)
  daemons
  eventmachine
  http_accept_language
  json
  nokogiri (~> 1.5.11)
  pg
  rack
  rails (= 2.3.18)
  thin
